GEM
  remote: https://rubygems.org/
  specs:
    nsq-cluster (1.1.1)
      sys-proctable
    nsq-ruby (1.2.1)
    sys-proctable (0.9.6)

PLATFORMS
  ruby

DEPENDENCIES
  nsq-cluster
  nsq-ruby
